GEM
  remote: https://rubygems.org/
  specs:
    arr-pm (0.0.9)
      cabin (> 0)
    backports (3.6.4)
    cabin (0.7.1)
    childprocess (0.5.5)
      ffi (~> 1.0, >= 1.0.11)
    clamp (0.6.3)
    ffi (1.9.6)
    fpm (1.3.3)
      arr-pm (~> 0.0.9)
      backports (>= 2.6.2)
      cabin (>= 0.6.0)
      childprocess
      clamp (~> 0.6)
      ffi
      json (>= 1.7.7)
    json (2.1.0)
    pre-packager (0.0.2)
    static-shell-templates (0.0.2)
      thor
    thor (0.19.1)

PLATFORMS
  ruby

DEPENDENCIES
  fpm
  json (~> 2)
  pre-packager (~> 0.0.2)
  static-shell-templates

BUNDLED WITH
   1.15.4
